NUGET
  remote: https://www.nuget.org/api/v2
  specs:
    Baseclass.Contrib.Nuget.Output (2.1) - framework: >= net452
    FAKE (4.23.1)
    FluentAssertions (4.3.2) - framework: >= net452
    libsodium-net (0.9) - framework: >= net452
      Baseclass.Contrib.Nuget.Output (>= 2.1)
    NUnit (2.6.4) - framework: >= net452
    NUnit.Runners (2.6.4) - framework: >= net452
